GIT
  remote: git@github.com:bobtfish/hiera-puppet.git
  revision: b18ae8223c651fdac4b9ee33a494177bb88996b2
  ref: override_datadir
  specs:
    hiera-puppet (1.0)
      hiera (~> 1.0)

GIT
  remote: git@github.com:keymone/rspec-hiera-puppet.git
  revision: 4c9a968e91a6ecda9b25a2ea2162f828e6ea4560
  ref: v0.3.1.1
  specs:
    rspec-hiera-puppet (0.3.1.1)
      hiera (>= 1.0)
      puppet (>= 2.6)
      rspec
      rspec-puppet

GIT
  remote: git@github.com:rodjek/rspec-puppet.git
  revision: 36812b35bd4a9d3f601bed34a222b304ea0b8e85
  specs:
    rspec-puppet (0.1.6)
      rspec

GEM
  remote: https://rubygems.org/
  specs:
    diff-lcs (1.2.4)
    facter (1.5.6)
    hiera (1.2.1)
      json_pure
    json_pure (1.8.0)
    metaclass (0.0.1)
    mocha (0.14.0)
      metaclass (~> 0.0.1)
    puppet (2.7.23)
      facter (~> 1.5)
    rake (10.1.0)
    rspec (2.14.1)
      rspec-core (~> 2.14.0)
      rspec-expectations (~> 2.14.0)
      rspec-mocks (~> 2.14.0)
    rspec-core (2.14.5)
    rspec-expectations (2.14.2)
      diff-lcs (>= 1.1.3, < 2.0)
    rspec-mocks (2.14.3)

PLATFORMS
  ruby

DEPENDENCIES
  facter (= 1.5.6)
  hiera (= 1.2.1)
  hiera-puppet!
  mocha (= 0.14.0)
  puppet (~> 2.7)
  rake (= 10.1.0)
  rspec (= 2.14.1)
  rspec-core (= 2.14.5)
  rspec-expectations (= 2.14.2)
  rspec-hiera-puppet!
  rspec-mocks (= 2.14.3)
  rspec-puppet (= 0.1.6)!
